GEM
  remote: https://rubygems.org/
  specs:
    curb (0.8.5)
    feedjira (1.2.0)
      curb (~> 0.8.1)
      loofah (~> 1.2.1)
      sax-machine (~> 0.2.1)
    json (1.8.1)
    loofah (1.2.1)
      nokogiri (>= 1.4.4)
    mini_portile (0.5.3)
    nokogiri (1.6.1)
      mini_portile (~> 0.5.0)
    postmark (1.2.0)
      json
      rake
    rake (10.3.1)
    sax-machine (0.2.1)
      nokogiri (~> 1.6.0)
    sqlite3 (1.3.9)

PLATFORMS
  ruby

DEPENDENCIES
  feedjira
  postmark
  sqlite3
